GEM
  remote: https://rubygems.org/
  specs:
    osc_ruby (0.7.1)
      yard
    rack (1.6.8)
    rack-protection (1.5.3)
      rack
    sinatra (1.4.8)
      rack (~> 1.5)
      rack-protection (~> 1.4)
      tilt (>= 1.3, < 3)
    tilt (2.0.7)
    yard (0.9.9)

PLATFORMS
  ruby

DEPENDENCIES
  osc_ruby
  sinatra

BUNDLED WITH
   1.14.6
